GIT
  remote: git://github.com/conjurinc/appliance-logging.git
  revision: cb3e61a7dd1c031abf0beef69c9c97c07a12aae6
  branch: master
  specs:
    conjur-appliance-logging (0.3.0)

GIT
  remote: git://github.com/conjurinc/conjur-policy-parser.git
  revision: 2bb9b81d3b7ba63098f70ba82d5be2eb855af0eb
  branch: master
  specs:
    conjur-policy-parser (0.12.0)
      activesupport (~> 4.2)
      safe_yaml

GIT
  remote: git://github.com/conjurinc/conjur-rack.git
  revision: 280b4e5735c620e2c75e0fe4b85b2615afd32976
  branch: master
  specs:
    conjur-rack (2.2.0)
      conjur-api (>= 4.17)
      rack
      slosilo

GIT
  remote: git://github.com/dividedmind/sequel-rails.git
  revision: 7c1fcccd0de2285db547105e56a0a4727597111f
  tag: 12-factor
  specs:
    sequel-rails (0.9.7)
      actionpack (>= 3.2.0)
      activemodel
      railties (>= 3.2.0)
      sequel (>= 3.28, < 5.0)

GEM
  remote: https://rubygems.org/
  specs:
    actionmailer (4.2.6)
      actionpack (= 4.2.6)
      actionview (= 4.2.6)
      activejob (= 4.2.6)
      mail (~> 2.5, >= 2.5.4)
      rails-dom-testing (~> 1.0, >= 1.0.5)
    actionpack (4.2.6)
      actionview (= 4.2.6)
      activesupport (= 4.2.6)
      rack (~> 1.6)
      rack-test (~> 0.6.2)
      rails-dom-testing (~> 1.0, >= 1.0.5)
      rails-html-sanitizer (~> 1.0, >= 1.0.2)
    actionview (4.2.6)
      activesupport (= 4.2.6)
      builder (~> 3.1)
      erubis (~> 2.7.0)
      rails-dom-testing (~> 1.0, >= 1.0.5)
      rails-html-sanitizer (~> 1.0, >= 1.0.2)
    activejob (4.2.6)
      activesupport (= 4.2.6)
      globalid (>= 0.3.0)
    activemodel (4.2.6)
      activesupport (= 4.2.6)
      builder (~> 3.1)
    activerecord (4.2.6)
      activemodel (= 4.2.6)
      activesupport (= 4.2.6)
      arel (~> 6.0)
    activesupport (4.2.6)
      i18n (~> 0.7)
      json (~> 1.7, >= 1.7.7)
      minitest (~> 5.1)
      thread_safe (~> 0.3, >= 0.3.4)
      tzinfo (~> 1.1)
    arel (6.0.3)
    aruba (0.14.1)
      childprocess (~> 0.5.6)
      contracts (~> 0.9)
      cucumber (>= 1.3.19)
      ffi (~> 1.9.10)
      rspec-expectations (>= 2.99)
      thor (~> 0.19)
    base32-crockford (0.1.0)
    bcrypt-ruby (3.0.1)
    builder (3.2.2)
    byebug (9.0.5)
    cas_rest_client (1.3)
      rest-client (>= 1.4.2)
    childprocess (0.5.9)
      ffi (~> 1.0, >= 1.0.11)
    ci_reporter (2.0.0)
      builder (>= 2.1.2)
    ci_reporter_rspec (1.0.0)
      ci_reporter (~> 2.0)
      rspec (>= 2.14, < 4)
    concurrent-ruby (1.0.2)
    conjur-api (4.25.1)
      activesupport
      rest-client (~> 1.7, >= 1.7.3)
      semantic
    conjur-cli (5.2.3)
      activesupport (~> 4.2)
      bundler (< 1.12.0)
      cas_rest_client (~> 1.3)
      conjur-api (~> 4.21)
      deep_merge (~> 1.0)
      gli (>= 2.8.0)
      highline (~> 1.7)
      methadone (~> 1.9)
      netrc (~> 0.10.2)
      xdg (~> 2.2)
    conjur-debify (1.3.0)
      conjur-cli
      docker-api
      gli
    conjur-rack-heartbeat (2.0.0)
      rack
    contracts (0.14.0)
    cucumber (2.4.0)
      builder (>= 2.1.2)
      cucumber-core (~> 1.5.0)
      cucumber-wire (~> 0.0.1)
      diff-lcs (>= 1.1.3)
      gherkin (~> 4.0)
      multi_json (>= 1.7.5, < 2.0)
      multi_test (>= 0.1.2)
    cucumber-core (1.5.0)
      gherkin (~> 4.0)
    cucumber-wire (0.0.1)
    deep_merge (1.0.1)
    diff-lcs (1.2.5)
    docker-api (1.29.0)
      excon (>= 0.38.0)
      json
    domain_name (0.5.20160615)
      unf (>= 0.0.5, < 1.0.0)
    erubis (2.7.0)
    excon (0.50.1)
    ffi (1.9.10)
    gherkin (4.0.0)
    gli (2.14.0)
    globalid (0.3.6)
      activesupport (>= 4.1.0)
    highline (1.7.8)
    http-cookie (1.0.2)
      domain_name (~> 0.5)
    i18n (0.7.0)
    json (1.8.3)
    json_spec (1.1.4)
      multi_json (~> 1.0)
      rspec (>= 2.0, < 4.0)
    listen (3.1.5)
      rb-fsevent (~> 0.9, >= 0.9.4)
      rb-inotify (~> 0.9, >= 0.9.7)
      ruby_dep (~> 1.2)
    loofah (2.0.3)
      nokogiri (>= 1.5.9)
    mail (2.6.4)
      mime-types (>= 1.16, < 4)
    methadone (1.9.2)
      bundler
    mime-types (2.99.2)
    mini_portile2 (2.1.0)
    minitest (5.9.0)
    multi_json (1.12.1)
    multi_test (0.1.2)
    netrc (0.10.3)
    nokogiri (1.6.8)
      mini_portile2 (~> 2.1.0)
      pkg-config (~> 1.1.7)
    parallel (1.9.0)
    pg (0.18.4)
    pkg-config (1.1.7)
    puma (3.4.0)
    rack (1.6.4)
    rack-test (0.6.3)
      rack (>= 1.0)
    rails (4.2.6)
      actionmailer (= 4.2.6)
      actionpack (= 4.2.6)
      actionview (= 4.2.6)
      activejob (= 4.2.6)
      activemodel (= 4.2.6)
      activerecord (= 4.2.6)
      activesupport (= 4.2.6)
      bundler (>= 1.3.0, < 2.0)
      railties (= 4.2.6)
      sprockets-rails
    rails-api (0.4.0)
      actionpack (>= 3.2.11)
      railties (>= 3.2.11)
    rails-deprecated_sanitizer (1.0.3)
      activesupport (>= 4.2.0.alpha)
    rails-dom-testing (1.0.7)
      activesupport (>= 4.2.0.beta, < 5.0)
      nokogiri (~> 1.6.0)
      rails-deprecated_sanitizer (>= 1.0.1)
    rails-html-sanitizer (1.0.3)
      loofah (~> 2.0)
    railties (4.2.6)
      actionpack (= 4.2.6)
      activesupport (= 4.2.6)
      rake (>= 0.8.7)
      thor (>= 0.18.1, < 2.0)
    rake (11.2.2)
    rake_shared_context (0.2.1)
    random_password_generator (1.0.0)
    rb-fsevent (0.9.7)
    rb-inotify (0.9.7)
      ffi (>= 0.5.0)
    rest-client (1.8.0)
      http-cookie (>= 1.0.2, < 2.0)
      mime-types (>= 1.16, < 3.0)
      netrc (~> 0.7)
    rspec (3.4.0)
      rspec-core (~> 3.4.0)
      rspec-expectations (~> 3.4.0)
      rspec-mocks (~> 3.4.0)
    rspec-core (3.4.4)
      rspec-support (~> 3.4.0)
    rspec-expectations (3.4.0)
      diff-lcs (>= 1.2.0, < 2.0)
      rspec-support (~> 3.4.0)
    rspec-mocks (3.4.1)
      diff-lcs (>= 1.2.0, < 2.0)
      rspec-support (~> 3.4.0)
    rspec-rails (3.4.2)
      actionpack (>= 3.0, < 4.3)
      activesupport (>= 3.0, < 4.3)
      railties (>= 3.0, < 4.3)
      rspec-core (~> 3.4.0)
      rspec-expectations (~> 3.4.0)
      rspec-mocks (~> 3.4.0)
      rspec-support (~> 3.4.0)
    rspec-support (3.4.1)
    ruby_dep (1.3.1)
    safe_yaml (1.0.4)
    semantic (1.4.1)
    sequel (4.35.0)
    slosilo (2.0.1)
    spring (1.7.1)
    spring-commands-cucumber (1.0.1)
      spring (>= 0.9.1)
    spring-commands-rspec (1.0.4)
      spring (>= 0.9.1)
    sprockets (3.6.2)
      concurrent-ruby (~> 1.0)
      rack (> 1, < 3)
    sprockets-rails (3.1.0)
      actionpack (>= 4.0)
      activesupport (>= 4.0)
      sprockets (>= 3.0.0)
    thor (0.19.1)
    thread_safe (0.3.5)
    tzinfo (1.2.2)
      thread_safe (~> 0.1)
    unf (0.1.4)
      unf_ext
    unf_ext (0.0.7.2)
    xdg (2.2.3)

PLATFORMS
  ruby

DEPENDENCIES
  activesupport
  aruba
  base32-crockford
  bcrypt-ruby (~> 3.0.0)
  byebug
  ci_reporter_rspec
  conjur-appliance-logging!
  conjur-cli
  conjur-debify
  conjur-policy-parser!
  conjur-rack!
  conjur-rack-heartbeat
  cucumber
  gli
  json_spec
  listen
  parallel
  pg
  puma
  rails (~> 4.2)
  rails-api
  rake
  rake_shared_context
  random_password_generator (= 1.0.0)
  rspec
  rspec-rails
  sequel
  sequel-rails!
  slosilo (>= 2.0.0)
  spring
  spring-commands-cucumber
  spring-commands-rspec

BUNDLED WITH
   1.11.2
